GEM
  remote: https://rubygems.org/
  specs:
    aasm (3.4.0)
    actionmailer (4.2.5)
      actionpack (= 4.2.5)
      actionview (= 4.2.5)
      activejob (= 4.2.5)
      mail (~> 2.5, >= 2.5.4)
      rails-dom-testing (~> 1.0, >= 1.0.5)
    actionpack (4.2.5)
      actionview (= 4.2.5)
      activesupport (= 4.2.5)
      rack (~> 1.6)
      rack-test (~> 0.6.2)
      rails-dom-testing (~> 1.0, >= 1.0.5)
      rails-html-sanitizer (~> 1.0, >= 1.0.2)
    actionview (4.2.5)
      activesupport (= 4.2.5)
      builder (~> 3.1)
      erubis (~> 2.7.0)
      rails-dom-testing (~> 1.0, >= 1.0.5)
      rails-html-sanitizer (~> 1.0, >= 1.0.2)
    active_hash (1.4.1)
      activesupport (>= 2.2.2)
    activejob (4.2.5)
      activesupport (= 4.2.5)
      globalid (>= 0.3.0)
    activemodel (4.2.5)
      activesupport (= 4.2.5)
      builder (~> 3.1)
    activerecord (4.2.5)
      activemodel (= 4.2.5)
      activesupport (= 4.2.5)
      arel (~> 6.0)
    activesupport (4.2.5)
      i18n (~> 0.7)
      json (~> 1.7, >= 1.7.7)
      minitest (~> 5.1)
      thread_safe (~> 0.3, >= 0.3.4)
      tzinfo (~> 1.1)
    addressable (2.4.0)
    amq-protocol (2.0.0)
    angularjs-rails (1.4.8)
    arel (6.0.3)
    autoprefixer-rails (6.1.2)
      execjs
      json
    awesome_print (1.6.1)
    axiom-types (0.1.1)
      descendants_tracker (~> 0.0.4)
      ice_nine (~> 0.11.0)
      thread_safe (~> 0.3, >= 0.3.1)
    bcrypt (3.1.10)
    bcrypt-ruby (3.1.5)
      bcrypt (>= 3.1.3)
    better_errors (2.1.1)
      coderay (>= 1.0.0)
      erubis (>= 2.6.6)
      rack (>= 0.9.0)
    binding_of_caller (0.7.2)
      debug_inspector (>= 0.0.1)
    bootstrap-sass (3.3.6)
      autoprefixer-rails (>= 5.2.1)
      sass (>= 3.3.4)
    bootstrap-wysihtml5-rails (0.3.3.7)
      railties (>= 3.0)
    bourbon (4.2.6)
      sass (~> 3.4)
      thor (~> 0.19)
    browser (0.8.0)
    builder (3.2.2)
    bunny (1.2.2)
      amq-protocol (>= 1.9.2)
    byebug (8.2.1)
    callsite (0.0.11)
    capybara (2.5.0)
      mime-types (>= 1.16)
      nokogiri (>= 1.3.3)
      rack (>= 1.0.0)
      rack-test (>= 0.5.4)
      xpath (~> 2.0)
    carrierwave (0.10.0)
      activemodel (>= 3.2.0)
      activesupport (>= 3.2.0)
      json (>= 1.7)
      mime-types (>= 1.16)
    childprocess (0.5.8)
      ffi (~> 1.0, >= 1.0.11)
    chronic (0.10.2)
    cliver (0.3.2)
    coderay (1.1.0)
    coercible (1.0.0)
      descendants_tracker (~> 0.0.1)
    coffee-rails (4.1.0)
      coffee-script (>= 2.2.0)
      railties (>= 4.0.0, < 5.0)
    coffee-script (2.4.1)
      coffee-script-source
      execjs
    coffee-script-source (1.10.0)
    concurrent-ruby (1.0.0)
    countries (0.9.3)
      currencies (~> 0.4.2)
    country_select (2.1.1)
      countries (>= 0.9.3, < 0.10.0)
    currencies (0.4.2)
    daemons (1.2.3)
    daemons-rails (1.2.1)
      daemons
      multi_json (~> 1.0)
    database_cleaner (1.5.1)
    debug_inspector (0.0.2)
    descendants_tracker (0.0.4)
      thread_safe (~> 0.3, >= 0.3.1)
    diff-lcs (1.2.5)
    doorkeeper (1.4.2)
      railties (>= 3.1)
    dotenv (2.0.2)
    dotenv-rails (2.0.2)
      dotenv (= 2.0.2)
      railties (~> 4.0)
    eco (1.0.0)
      coffee-script
      eco-source
      execjs
    eco-source (1.1.0.rc.1)
    enumerize (1.1.0)
      activesupport (>= 3.2)
    equalizer (0.0.11)
    erubis (2.7.0)
    execjs (2.6.0)
    factory_girl (4.5.0)
      activesupport (>= 3.0.0)
    factory_girl_rails (4.5.0)
      factory_girl (~> 4.5.0)
      railties (>= 3.0.0)
    faker (1.4.3)
      i18n (~> 0.5)
    ffi (1.9.10)
    figaro (1.1.1)
      thor (~> 0.14)
    font-awesome-sass (4.5.0)
      sass (>= 3.2)
    git-version-bump (0.15.1)
    globalid (0.3.6)
      activesupport (>= 4.1.0)
    globalize (4.0.3)
      activemodel (>= 4.0.0, < 5)
      activerecord (>= 4.0.0, < 5)
    grape (0.7.0)
      activesupport
      builder
      hashie (>= 1.2.0)
      multi_json (>= 1.3.2)
      multi_xml (>= 0.5.2)
      rack (>= 1.3.0)
      rack-accept
      rack-mount
      virtus (>= 1.0.0)
    grape-entity (0.4.8)
      activesupport
      multi_json (>= 1.3.2)
    grape-swagger (0.7.2)
      grape (>= 0.2.0)
      grape-entity (>= 0.3.0)
      kramdown (>= 1.3.1)
    hashie (3.4.3)
    http_accept_language (2.0.5)
    i18n (0.7.0)
    ice_nine (0.11.1)
    jbuilder (2.3.2)
      activesupport (>= 3.0.0, < 5)
      multi_json (~> 1.2)
    jquery-datatables-rails (3.3.0)
      actionpack (>= 3.1)
      jquery-rails
      railties (>= 3.1)
      sass-rails
    jquery-rails (4.0.5)
      rails-dom-testing (~> 1.0)
      railties (>= 4.2.0)
      thor (>= 0.14, < 2.0)
    json (1.8.3)
    jwt (1.5.2)
    kaminari (0.16.3)
      actionpack (>= 3.0.0)
      activesupport (>= 3.0.0)
    kramdown (1.9.0)
    launchy (2.4.3)
      addressable (~> 2.3)
    liability-proof (0.0.9)
      awesome_print
    loofah (2.0.3)
      nokogiri (>= 1.5.9)
    mail (2.6.3)
      mime-types (>= 1.16, < 3)
    mails_viewer (0.1.2)
      jquery-datatables-rails
      jquery-rails (>= 2.0.1)
      rails (>= 3.1.0)
    meta_request (0.3.4)
      callsite (~> 0.0, >= 0.0.11)
      rack-contrib (~> 1.1)
      railties (>= 3.0.0, < 5.0.0)
    metaclass (0.0.4)
    method_source (0.8.2)
    mime-types (1.25.1)
    mina (0.3.7)
      open4 (~> 1.3.4)
      rake
    mini_portile2 (2.0.0)
    minitest (5.8.3)
    mocha (1.1.0)
      metaclass (~> 0.0.1)
    momentjs-rails (2.10.6)
      railties (>= 3.1)
    multi_json (1.11.2)
    multi_xml (0.5.5)
    mysql2 (0.4.2)
    nokogiri (1.6.7)
      mini_portile2 (~> 2.0.0.rc2)
    omniauth (1.2.2)
      hashie (>= 1.2, < 4)
      rack (~> 1.0)
    omniauth-identity (1.1.1)
      bcrypt-ruby (~> 3.0)
      omniauth (~> 1.0)
    open4 (1.3.4)
    paper_trail (3.0.9)
      activerecord (>= 3.0, < 5.0)
      activesupport (>= 3.0, < 5.0)
    paranoid2 (1.1.5)
      activerecord (>= 4.1.0)
    phonelib (0.3.6)
    poltergeist (1.8.1)
      capybara (~> 2.1)
      cliver (~> 0.3.1)
      multi_json (~> 1.0)
      websocket-driver (>= 0.2.0)
    power_assert (0.2.6)
    pry (0.10.3)
      coderay (~> 1.1.0)
      method_source (~> 0.8.1)
      slop (~> 3.4)
    pry-rails (0.3.4)
      pry (>= 0.9.10)
    quiet_assets (1.1.0)
      railties (>= 3.1, < 5.0)
    rack (1.6.4)
    rack-accept (0.4.5)
      rack (>= 0.4)
    rack-attack (3.0.0)
      rack
    rack-contrib (1.4.0)
      git-version-bump (~> 0.15)
      rack (~> 1.4)
    rack-mount (0.8.3)
      rack (>= 1.0.0)
    rack-test (0.6.3)
      rack (>= 1.0)
    rails (4.2.5)
      actionmailer (= 4.2.5)
      actionpack (= 4.2.5)
      actionview (= 4.2.5)
      activejob (= 4.2.5)
      activemodel (= 4.2.5)
      activerecord (= 4.2.5)
      activesupport (= 4.2.5)
      bundler (>= 1.3.0, < 2.0)
      railties (= 4.2.5)
      sprockets-rails
    rails-deprecated_sanitizer (1.0.3)
      activesupport (>= 4.2.0.alpha)
    rails-dom-testing (1.0.7)
      activesupport (>= 4.2.0.beta, < 5.0)
      nokogiri (~> 1.6.0)
      rails-deprecated_sanitizer (>= 1.0.1)
    rails-html-sanitizer (1.0.2)
      loofah (~> 2.0)
    rails-i18n (4.0.7)
      i18n (~> 0.7)
      railties (~> 4.0)
    rails-observers (0.1.2)
      activemodel (~> 4.0)
    railties (4.2.5)
      actionpack (= 4.2.5)
      activesupport (= 4.2.5)
      rake (>= 0.8.7)
      thor (>= 0.18.1, < 2.0)
    rake (10.4.2)
    rbtree (0.4.2)
    redis (3.2.2)
    redis-actionpack (4.0.1)
      actionpack (~> 4)
      redis-rack (~> 1.5.0)
      redis-store (~> 1.1.0)
    redis-activesupport (4.1.5)
      activesupport (>= 3, < 5)
      redis-store (~> 1.1.0)
    redis-rack (1.5.0)
      rack (~> 1.5)
      redis-store (~> 1.1.0)
    redis-rails (4.0.0)
      redis-actionpack (~> 4)
      redis-activesupport (~> 4)
      redis-store (~> 1.1.0)
    redis-store (1.1.7)
      redis (>= 2.2)
    rest-client (1.6.9)
      mime-types (~> 1.16)
    rotp (2.1.1)
    rspec-core (3.4.1)
      rspec-support (~> 3.4.0)
    rspec-expectations (3.4.0)
      diff-lcs (>= 1.2.0, < 2.0)
      rspec-support (~> 3.4.0)
    rspec-mocks (3.4.0)
      diff-lcs (>= 1.2.0, < 2.0)
      rspec-support (~> 3.4.0)
    rspec-rails (3.4.0)
      actionpack (>= 3.0, < 4.3)
      activesupport (>= 3.0, < 4.3)
      railties (>= 3.0, < 4.3)
      rspec-core (~> 3.4.0)
      rspec-expectations (~> 3.4.0)
      rspec-mocks (~> 3.4.0)
      rspec-support (~> 3.4.0)
    rspec-support (3.4.1)
    rubyzip (1.1.7)
    sass (3.4.20)
    sass-rails (5.0.4)
      railties (>= 4.0.0, < 5.0)
      sass (~> 3.1)
      sprockets (>= 2.8, < 4.0)
      sprockets-rails (>= 2.0, < 4.0)
      tilt (>= 1.1, < 3)
    selenium-webdriver (2.48.1)
      childprocess (~> 0.5)
      multi_json (~> 1.0)
      rubyzip (~> 1.0)
      websocket (~> 1.0)
    shoulda-matchers (3.0.1)
      activesupport (>= 4.0.0)
    simple_form (3.2.0)
      actionpack (~> 4.0)
      activemodel (~> 4.0)
    slim (3.0.6)
      temple (~> 0.7.3)
      tilt (>= 1.3.3, < 2.1)
    slim-rails (3.0.1)
      actionmailer (>= 3.1, < 5.0)
      actionpack (>= 3.1, < 5.0)
      activesupport (>= 3.1, < 5.0)
      railties (>= 3.1, < 5.0)
      slim (~> 3.0)
    slop (3.6.0)
    sprockets (3.5.2)
      concurrent-ruby (~> 1.0)
      rack (> 1, < 3)
    sprockets-rails (2.3.3)
      actionpack (>= 3.0)
      activesupport (>= 3.0)
      sprockets (>= 2.8, < 4.0)
    temple (0.7.6)
    test-unit (3.1.5)
      power_assert
    thor (0.19.1)
    thread_safe (0.3.5)
    tilt (2.0.1)
    timecop (0.8.0)
    twilio-ruby (3.16.1)
      builder (>= 2.1.2)
      jwt (~> 1.0)
      multi_json (>= 1.3.0)
    tzinfo (1.2.2)
      thread_safe (~> 0.1)
    uglifier (2.7.2)
      execjs (>= 0.3.0)
      json (>= 1.8.0)
    virtus (1.0.5)
      axiom-types (~> 0.1)
      coercible (~> 1.0)
      descendants_tracker (~> 0.0, >= 0.0.3)
      equalizer (~> 0.0, >= 0.0.9)
    websocket (1.2.2)
    websocket-driver (0.6.3)
      websocket-extensions (>= 0.1.0)
    websocket-extensions (0.1.2)
    whenever (0.9.4)
      chronic (>= 0.6.3)
    xpath (2.0.0)
      nokogiri (~> 1.3)

PLATFORMS
  ruby

DEPENDENCIES
  aasm (~> 3.4.0)
  active_hash
  angularjs-rails
  bcrypt-ruby (~> 3.1.2)
  better_errors
  binding_of_caller
  bootstrap-sass (= 3.3.6)
  bootstrap-wysihtml5-rails
  bourbon
  browser (~> 0.8.0)
  bunny
  byebug
  capybara
  carrierwave (~> 0.10.0)
  coffee-rails
  country_select (~> 2.1.0)
  daemons-rails
  database_cleaner
  doorkeeper (~> 1.4.1)
  dotenv-rails
  eco
  enumerize
  factory_girl_rails
  faker (~> 1.4.3)
  figaro
  font-awesome-sass
  globalize (~> 4.0.0)
  grape (~> 0.7.0)
  grape-entity (~> 0.4.2)
  grape-swagger (~> 0.7.2)
  hashie
  http_accept_language
  jbuilder
  jquery-rails
  json
  kaminari
  launchy
  liability-proof (= 0.0.9)
  mails_viewer
  meta_request
  mina
  mocha
  momentjs-rails
  mysql2
  omniauth (~> 1.2.1)
  omniauth-identity (~> 1.1.1)
  paper_trail (~> 3.0.1)
  paranoid2
  phonelib (~> 0.3.5)
  poltergeist
  pry-rails
  quiet_assets
  rack-attack (~> 3.0.0)
  rails (~> 4.2.5)
  rails-i18n
  rails-observers
  rbtree
  redis-rails
  rest-client (~> 1.6.8)
  rotp
  rspec-rails
  sass-rails
  selenium-webdriver
  shoulda-matchers
  simple_form (= 3.2.0)
  slim-rails
  test-unit
  timecop
  twilio-ruby (~> 3.11)
  uglifier
  whenever (~> 0.9.2)

BUNDLED WITH
   1.10.6
