GIT
  remote: git://github.com/peatio/unread.git
  revision: b8fa0502e9558c93388a104bcbe20376cf43027d
  specs:
    unread (0.4.0)
      activerecord (>= 3)

GEM
  remote: https://rubygems.org/
  specs:
    aasm (3.4.0)
    actionmailer (4.2.10)
      actionpack (= 4.2.10)
      actionview (= 4.2.10)
      activejob (= 4.2.10)
      mail (~> 2.5, >= 2.5.4)
      rails-dom-testing (~> 1.0, >= 1.0.5)
    actionpack (4.2.10)
      actionview (= 4.2.10)
      activesupport (= 4.2.10)
      rack (~> 1.6)
      rack-test (~> 0.6.2)
      rails-dom-testing (~> 1.0, >= 1.0.5)
      rails-html-sanitizer (~> 1.0, >= 1.0.2)
    actionview (4.2.10)
      activesupport (= 4.2.10)
      builder (~> 3.1)
      erubis (~> 2.7.0)
      rails-dom-testing (~> 1.0, >= 1.0.5)
      rails-html-sanitizer (~> 1.0, >= 1.0.3)
    active_hash (1.5.2)
      activesupport (>= 2.2.2)
    activejob (4.2.10)
      activesupport (= 4.2.10)
      globalid (>= 0.3.0)
    activemodel (4.2.10)
      activesupport (= 4.2.10)
      builder (~> 3.1)
    activerecord (4.2.10)
      activemodel (= 4.2.10)
      activesupport (= 4.2.10)
      arel (~> 6.0)
    activesupport (4.2.10)
      i18n (~> 0.7)
      minitest (~> 5.1)
      thread_safe (~> 0.3, >= 0.3.4)
      tzinfo (~> 1.1)
    acts-as-taggable-on (5.0.0)
      activerecord (>= 4.2.8)
    addressable (2.5.2)
      public_suffix (>= 2.0.2, < 4.0)
    amq-protocol (2.2.0)
    amqp (1.3.0)
      amq-protocol (>= 1.9.2)
      eventmachine
    angularjs-rails (1.3.15)
    arel (6.0.4)
    awesome_print (1.8.0)
    axiom-types (0.1.1)
      descendants_tracker (~> 0.0.4)
      ice_nine (~> 0.11.0)
      thread_safe (~> 0.3, >= 0.3.1)
    bcrypt (3.1.11)
    bcrypt-ruby (3.1.5)
      bcrypt (>= 3.1.3)
    better_errors (2.4.0)
      coderay (>= 1.0.0)
      erubi (>= 1.0.0)
      rack (>= 0.9.0)
    binding_of_caller (0.7.3)
      debug_inspector (>= 0.0.1)
    bootstrap-sass (3.2.0.2)
      sass (~> 3.2)
    bootstrap-wysihtml5-rails (0.3.3.8)
      railties (>= 3.0)
    bourbon (4.3.4)
      sass (~> 3.4)
      thor (~> 0.19)
    browser (0.8.0)
    builder (3.2.3)
    bunny (1.2.2)
      amq-protocol (>= 1.9.2)
    byebug (9.1.0)
    cancancan (2.1.2)
    capybara (2.16.1)
      addressable
      mini_mime (>= 0.1.3)
      nokogiri (>= 1.3.3)
      rack (>= 1.0.0)
      rack-test (>= 0.5.4)
      xpath (~> 2.0)
    carrierwave (0.10.0)
      activemodel (>= 3.2.0)
      activesupport (>= 3.2.0)
      json (>= 1.7)
      mime-types (>= 1.16)
    childprocess (0.8.0)
      ffi (~> 1.0, >= 1.0.11)
    clipboard-rails (1.7.1)
    coderay (1.1.2)
    coercible (1.0.0)
      descendants_tracker (~> 0.0.1)
    coffee-rails (4.2.2)
      coffee-script (>= 2.2.0)
      railties (>= 4.0.0)
    coffee-script (2.4.1)
      coffee-script-source
      execjs
    coffee-script-source (1.12.2)
    concurrent-ruby (1.0.5)
    countries (0.9.3)
      currencies (~> 0.4.2)
    country_select (2.1.1)
      countries (>= 0.9.3, < 0.10.0)
    crass (1.0.3)
    currencies (0.4.2)
    database_cleaner (1.6.2)
    datagrid (1.5.7)
      rails (>= 4.0)
    debug_inspector (0.0.3)
    descendants_tracker (0.0.4)
      thread_safe (~> 0.3, >= 0.3.1)
    diff-lcs (1.3)
    easy_table (0.0.8)
      actionpack (> 4.2)
      activemodel (> 4.2)
      rubytree (~> 0.8.3)
    eco (1.0.0)
      coffee-script
      eco-source
      execjs
    eco-source (1.1.0.rc.1)
    em-websocket (0.5.1)
      eventmachine (>= 0.12.9)
      http_parser.rb (~> 0.6.0)
    email_validator (1.6.0)
      activemodel
    enumerize (2.1.2)
      activesupport (>= 3.2)
    equalizer (0.0.11)
    erubi (1.7.0)
    erubis (2.7.0)
    eventmachine (1.0.9.1)
    execjs (2.7.0)
    factory_bot (4.8.2)
      activesupport (>= 3.0.0)
    factory_bot_rails (4.8.2)
      factory_bot (~> 4.8.2)
      railties (>= 3.0.0)
    faker (1.4.3)
      i18n (~> 0.5)
    faraday (0.12.2)
      multipart-post (>= 1.2, < 3)
    ffi (1.9.18)
    figaro (1.1.1)
      thor (~> 0.14)
    font-awesome-sass (4.7.0)
      sass (>= 3.2)
    globalid (0.4.1)
      activesupport (>= 4.2.0)
    globalize (5.0.1)
      activemodel (>= 4.2.0, < 4.3)
      activerecord (>= 4.2.0, < 4.3)
    god (0.13.7)
    gon (5.2.3)
      actionpack (>= 2.3.0)
      json
      multi_json
      request_store (>= 1.0.5)
    grape (1.0.1)
      activesupport
      builder
      mustermann-grape (~> 1.0.0)
      rack (>= 1.3.0)
      rack-accept
      virtus (>= 1.0.0)
    grape-entity (0.5.2)
      multi_json (>= 1.3.2)
    grape-swagger (0.27.3)
      grape (>= 0.16.2)
    grape-swagger-ui (2.2.8)
      railties (>= 3.1)
    hashie (3.5.6)
    http_accept_language (2.1.1)
    http_parser.rb (0.6.0)
    httpclient (2.8.3)
    i18n (0.9.1)
      concurrent-ruby (~> 1.0)
    ice_nine (0.11.2)
    jbuilder (2.7.0)
      activesupport (>= 4.2.0)
      multi_json (>= 1.2)
    jquery-rails (4.3.1)
      rails-dom-testing (>= 1, < 3)
      railties (>= 4.2.0)
      thor (>= 0.14, < 2.0)
    json (2.1.0)
    jwt (1.5.6)
    kaminari (1.1.1)
      activesupport (>= 4.1.0)
      kaminari-actionview (= 1.1.1)
      kaminari-activerecord (= 1.1.1)
      kaminari-core (= 1.1.1)
    kaminari-actionview (1.1.1)
      actionview
      kaminari-core (= 1.1.1)
    kaminari-activerecord (1.1.1)
      activerecord
      kaminari-core (= 1.1.1)
    kaminari-core (1.1.1)
    liability-proof (0.0.9)
      awesome_print
    loofah (2.1.1)
      crass (~> 1.0.2)
      nokogiri (>= 1.5.9)
    mail (2.7.0)
      mini_mime (>= 0.1.1)
    metaclass (0.0.4)
    method_source (0.9.0)
    mime-types (1.25.1)
    mini_mime (1.0.0)
    mini_portile2 (2.3.0)
    minitest (5.10.3)
    mocha (1.3.0)
      metaclass (~> 0.0.1)
    momentjs-rails (2.17.1)
      railties (>= 3.1)
    multi_json (1.12.2)
    multi_xml (0.6.0)
    multipart-post (2.0.0)
    mustermann (1.0.1)
    mustermann-grape (1.0.0)
      mustermann (~> 1.0.0)
    mysql2 (0.3.21)
    nokogiri (1.8.1)
      mini_portile2 (~> 2.3.0)
    oauth2 (1.4.0)
      faraday (>= 0.8, < 0.13)
      jwt (~> 1.0)
      multi_json (~> 1.3)
      multi_xml (~> 0.5)
      rack (>= 1.2, < 3)
    omniauth (1.2.2)
      hashie (>= 1.2, < 4)
      rack (~> 1.0)
    omniauth-auth0 (2.0.0)
      omniauth-oauth2 (~> 1.4)
    omniauth-google-oauth2 (0.3.1)
      jwt (~> 1.0)
      multi_json (~> 1.3)
      omniauth (>= 1.1.1)
      omniauth-oauth2 (>= 1.3.1)
    omniauth-identity (1.1.1)
      bcrypt-ruby (~> 3.0)
      omniauth (~> 1.0)
    omniauth-oauth2 (1.4.0)
      oauth2 (~> 1.0)
      omniauth (~> 1.2)
    paper_trail (3.0.9)
      activerecord (>= 3.0, < 5.0)
      activesupport (>= 3.0, < 5.0)
    paranoid2 (1.1.5)
      activerecord (>= 4.1.0)
    phonelib (0.3.6)
    pry (0.11.3)
      coderay (~> 1.1.0)
      method_source (~> 0.9.0)
    pry-byebug (3.5.1)
      byebug (~> 9.1)
      pry (~> 0.10)
    public_suffix (3.0.1)
    puma (3.11.0)
    pusher (1.3.1)
      httpclient (~> 2.7)
      multi_json (~> 1.0)
      pusher-signature (~> 0.1.8)
    pusher-signature (0.1.8)
    quiet_assets (1.1.0)
      railties (>= 3.1, < 5.0)
    rack (1.6.8)
    rack-accept (0.4.5)
      rack (>= 0.4)
    rack-attack (3.0.0)
      rack
    rack-test (0.6.3)
      rack (>= 1.0)
    rails (4.2.10)
      actionmailer (= 4.2.10)
      actionpack (= 4.2.10)
      actionview (= 4.2.10)
      activejob (= 4.2.10)
      activemodel (= 4.2.10)
      activerecord (= 4.2.10)
      activesupport (= 4.2.10)
      bundler (>= 1.3.0, < 2.0)
      railties (= 4.2.10)
      sprockets-rails
    rails-deprecated_sanitizer (1.0.3)
      activesupport (>= 4.2.0.alpha)
    rails-dom-testing (1.0.8)
      activesupport (>= 4.2.0.beta, < 5.0)
      nokogiri (~> 1.6)
      rails-deprecated_sanitizer (>= 1.0.1)
    rails-html-sanitizer (1.0.3)
      loofah (~> 2.0)
    rails-i18n (4.0.9)
      i18n (~> 0.7)
      railties (~> 4.0)
    rails-observers (0.1.5)
      activemodel (>= 4.0)
    railties (4.2.10)
      actionpack (= 4.2.10)
      activesupport (= 4.2.10)
      rake (>= 0.8.7)
      thor (>= 0.18.1, < 2.0)
    rake (12.3.0)
    rb-fsevent (0.10.2)
    rb-inotify (0.9.10)
      ffi (>= 0.5.0, < 2)
    rbtree (0.4.2)
    redis (4.0.1)
    redis-actionpack (5.0.2)
      actionpack (>= 4.0, < 6)
      redis-rack (>= 1, < 3)
      redis-store (>= 1.1.0, < 2)
    redis-activesupport (5.0.4)
      activesupport (>= 3, < 6)
      redis-store (>= 1.3, < 2)
    redis-rack (2.0.3)
      rack (>= 1.5, < 3)
      redis-store (>= 1.2, < 2)
    redis-rails (5.0.2)
      redis-actionpack (>= 5.0, < 6)
      redis-activesupport (>= 5.0, < 6)
      redis-store (>= 1.2, < 2)
    redis-store (1.4.1)
      redis (>= 2.2, < 5)
    request_store (1.3.2)
    responders (2.4.0)
      actionpack (>= 4.2.0, < 5.3)
      railties (>= 4.2.0, < 5.3)
    rest-client (1.6.9)
      mime-types (~> 1.16)
    rotp (3.3.0)
    rspec-core (3.7.0)
      rspec-support (~> 3.7.0)
    rspec-expectations (3.7.0)
      diff-lcs (>= 1.2.0, < 2.0)
      rspec-support (~> 3.7.0)
    rspec-mocks (3.7.0)
      diff-lcs (>= 1.2.0, < 2.0)
      rspec-support (~> 3.7.0)
    rspec-rails (3.7.2)
      actionpack (>= 3.0)
      activesupport (>= 3.0)
      railties (>= 3.0)
      rspec-core (~> 3.7.0)
      rspec-expectations (~> 3.7.0)
      rspec-mocks (~> 3.7.0)
      rspec-support (~> 3.7.0)
    rspec-support (3.7.0)
    rubytree (0.8.3)
      json (>= 1.7.5)
      structured_warnings (>= 0.1.3)
    rubyzip (1.2.1)
    sass (3.5.3)
      sass-listen (~> 4.0.0)
    sass-listen (4.0.0)
      rb-fsevent (~> 0.9, >= 0.9.4)
      rb-inotify (~> 0.9, >= 0.9.7)
    sass-rails (5.0.7)
      railties (>= 4.0.0, < 6)
      sass (~> 3.1)
      sprockets (>= 2.8, < 4.0)
      sprockets-rails (>= 2.0, < 4.0)
      tilt (>= 1.1, < 3)
    selenium-webdriver (3.8.0)
      childprocess (~> 0.5)
      rubyzip (~> 1.0)
    simple_captcha2 (0.4.3)
      rails (>= 4.1)
    simple_form (3.1.1)
      actionpack (~> 4.0)
      activemodel (~> 4.0)
    slim (3.0.9)
      temple (>= 0.7.6, < 0.9)
      tilt (>= 1.3.3, < 2.1)
    slim-rails (3.1.3)
      actionpack (>= 3.1)
      railties (>= 3.1)
      slim (~> 3.0)
    sprockets (3.7.1)
      concurrent-ruby (~> 1.0)
      rack (> 1, < 3)
    sprockets-rails (3.2.1)
      actionpack (>= 4.0)
      activesupport (>= 4.0)
      sprockets (>= 3.0.0)
    structured_warnings (0.3.0)
    temple (0.8.0)
    thor (0.20.0)
    thread_safe (0.3.6)
    tilt (2.0.8)
    timecop (0.9.1)
    tzinfo (1.2.4)
      thread_safe (~> 0.1)
    uglifier (4.0.1)
      execjs (>= 0.3.0, < 3)
    virtus (1.0.5)
      axiom-types (~> 0.1)
      coercible (~> 1.0)
      descendants_tracker (~> 0.0, >= 0.0.3)
      equalizer (~> 0.0, >= 0.0.9)
    xpath (2.1.0)
      nokogiri (~> 1.3)

PLATFORMS
  ruby

DEPENDENCIES
  aasm (~> 3.4.0)
  active_hash
  acts-as-taggable-on
  amqp (~> 1.3.0)
  angularjs-rails (~> 1.3.15)
  better_errors
  binding_of_caller
  bootstrap-sass (~> 3.2.0.2)
  bootstrap-wysihtml5-rails
  bourbon
  browser (~> 0.8.0)
  bunny (~> 1.2.1)
  cancancan
  capybara
  carrierwave (~> 0.10.0)
  clipboard-rails (~> 1.7)
  coffee-rails
  country_select (~> 2.1.0)
  database_cleaner
  datagrid
  easy_table
  eco
  em-websocket (~> 0.5.1)
  email_validator (~> 1.6)
  enumerize
  eventmachine (~> 1.0.4)
  factory_bot_rails
  faker (~> 1.4.3)
  figaro
  font-awesome-sass
  globalize (~> 5.0)
  god (~> 0.13.7)
  gon (~> 5.2.0)
  grape (~> 1.0.1)
  grape-entity (~> 0.5.2)
  grape-swagger (~> 0.27.3)
  grape-swagger-ui (~> 2.2.8)
  hashie (~> 3.0)
  http_accept_language
  jbuilder
  jquery-rails
  json
  jwt (~> 1.5)
  kaminari
  liability-proof (= 0.0.9)
  mocha
  momentjs-rails
  mysql2 (~> 0.3.21)
  omniauth (~> 1.2.1)
  omniauth-auth0 (~> 2.0.0)
  omniauth-google-oauth2 (~> 0.3.1)
  omniauth-identity (~> 1.1.1)
  paper_trail (~> 3.0.1)
  paranoid2
  phonelib (~> 0.3.5)
  pry-byebug
  puma
  pusher
  quiet_assets
  rack-attack (~> 3.0.0)
  rails (~> 4.2)
  rails-i18n
  rails-observers
  rbtree
  redis-rails
  responders (~> 2.0)
  rest-client (~> 1.6.8)
  rotp
  rspec-rails
  sass-rails
  selenium-webdriver
  simple_captcha2
  simple_form (~> 3.1.0)
  slim-rails
  timecop
  uglifier
  unread!

BUNDLED WITH
   1.16.0
